GEM
  remote: http://rubygems.org/
  specs:
    activemodel (3.0.7)
      activesupport (= 3.0.7)
      builder (~> 2.1.2)
      i18n (~> 0.5.0)
    activerecord (3.0.7)
      activemodel (= 3.0.7)
      activesupport (= 3.0.7)
      arel (~> 2.0.2)
      tzinfo (~> 0.3.23)
    activesupport (3.0.7)
    addressable (2.2.6)
    arel (2.0.9)
    builder (2.1.2)
    daemons (1.1.3)
    delayed_job (2.1.4)
      activesupport (~> 3.0)
      daemons
    em-http-request (0.3.0)
      addressable (>= 2.0.0)
      escape_utils
      eventmachine (>= 0.12.9)
    escape_utils (0.2.3)
    eventmachine (0.12.10)
    i18n (0.5.0)
    rack (1.2.2)
    sinatra (1.2.6)
      rack (~> 1.1)
      tilt (>= 1.2.2, < 2.0)
    tilt (1.3)
    tzinfo (0.3.26)

PLATFORMS
  ruby

DEPENDENCIES
  activerecord
  delayed_job
  em-http-request
  sinatra
